GIT
  remote: git://github.com/eventmachine/eventmachine.git
  revision: 537127fa22a058e3d7b248a214df210e7c77dc95
  specs:
    eventmachine (1.3.0.dev.1)

GEM
  remote: http://rubygems.org/
  specs:
    activemodel (3.2.22.5)
      activesupport (= 3.2.22.5)
      builder (~> 3.0.0)
    activesupport (3.2.22.5)
      i18n (~> 0.6, >= 0.6.4)
      multi_json (~> 1.0)
    apetag (1.1.5)
      cicphash (>= 1.0.0)
    backports (3.11.3)
    bson (1.12.5)
    bson_ext (1.12.5)
      bson (~> 1.12.5)
    builder (3.0.4)
    cicphash (1.1.0)
    concurrent-ruby (1.0.5)
    connection_pool (2.2.3)
    domain_name (0.5.20190701)
      unf (>= 0.0.5, < 1.0.0)
    enumerable-lazy (0.0.2)
    ffi (1.9.25)
    flacinfo-rb (1.0)
    http-cookie (1.0.3)
      domain_name (~> 0.5)
    i18n (0.9.5)
      concurrent-ruby (~> 1.0)
    iconv (1.0.5)
    kgio (2.11.2)
    mail (2.7.0)
      mini_mime (>= 0.1.1)
    mecab (0.996)
    mechanize (2.7.7)
      domain_name (~> 0.5, >= 0.5.1)
      http-cookie (~> 1.0)
      mime-types (>= 1.17.2)
      net-http-digest_auth (~> 1.1, >= 1.1.1)
      net-http-persistent (>= 2.5.2)
      nokogiri (~> 1.6)
      ntlm-http (~> 0.1, >= 0.1.1)
      webrick (~> 1.7)
      webrobots (>= 0.0.9, < 0.2)
    mime-types (2.99.3)
    mini_mime (1.0.0)
    mini_portile2 (2.5.0)
    moneta (1.0.0)
    mongo (1.12.5)
      bson (= 1.12.5)
    mongoid (3.1.7)
      activemodel (~> 3.2)
      moped (~> 1.4)
      origin (~> 1.0)
      tzinfo (~> 0.3.29)
    moped (1.5.3)
    moumar-wmainfo-rb (0.8)
    mp4info (1.7.3)
    multi_json (1.13.1)
    mustermann19 (0.4.4)
      enumerable-lazy
    natto (1.1.1)
      ffi (>= 1.9.0)
    net-http-digest_auth (1.4.1)
    net-http-persistent (4.0.1)
      connection_pool (~> 2.2)
    nokogiri (1.11.1)
      mini_portile2 (~> 2.5.0)
      racc (~> 1.4)
    ntlm-http (0.1.1)
    origin (1.1.0)
    padrino (0.14.2)
      padrino-admin (= 0.14.2)
      padrino-cache (= 0.14.2)
      padrino-core (= 0.14.2)
      padrino-gen (= 0.14.2)
      padrino-helpers (= 0.14.2)
      padrino-mailer (= 0.14.2)
      padrino-support (= 0.14.2)
    padrino-admin (0.14.2)
      padrino-core (= 0.14.2)
      padrino-helpers (= 0.14.2)
    padrino-cache (0.14.2)
      moneta (~> 1.0.0)
      padrino-core (= 0.14.2)
      padrino-helpers (= 0.14.2)
    padrino-core (0.14.2)
      mustermann19
      padrino-support (= 0.14.2)
      rack-protection (>= 1.5.0)
      sinatra (>= 1.4.6)
      thor (~> 0.18)
    padrino-gen (0.14.2)
      bundler (~> 1.0)
      padrino-core (= 0.14.2)
    padrino-helpers (0.14.2)
      i18n (~> 0.6, >= 0.6.7)
      padrino-support (= 0.14.2)
      tilt (>= 1.4.1, < 3)
    padrino-mailer (0.14.2)
      mail (~> 2.5)
      mime-types (< 3)
      padrino-core (= 0.14.2)
    padrino-support (0.14.2)
    racc (1.5.2)
    rack (1.4.1)
    rack-protection (1.5.5)
      rack
    rack-test (1.0.0)
      rack (>= 1.0, < 3)
    raindrops (0.19.0)
    ruby-audioinfo (0.5.2)
      apetag (>= 1.1.4)
      flacinfo-rb (>= 0.4)
      moumar-wmainfo-rb (>= 0.7)
      mp4info (>= 1.7.3)
      ruby-mp3info (>= 0.8)
      ruby-ogginfo (>= 0.7)
      wavefile (>= 0.6.0)
    ruby-mp3info (0.8.10)
    ruby-ogginfo (0.7.2)
    sinatra (1.4.6)
      rack (~> 1.4)
      rack-protection (~> 1.4)
      tilt (>= 1.3, < 3)
    sinatra-contrib (1.4.7)
      backports (>= 2.0)
      multi_json
      rack-protection
      rack-test
      sinatra (~> 1.4.0)
      tilt (>= 1.3, < 3)
    sinatra-reloader (1.0)
      sinatra-contrib
    sinatra-xsendfile (0.4.2)
      sinatra (>= 0.9.1)
    taglib-ruby (0.7.1)
    thor (0.20.0)
    tilt (2.0.8)
    tzinfo (0.3.54)
    unf (0.1.4)
      unf_ext
    unf_ext (0.0.7.7)
    unicorn (5.4.0)
      kgio (~> 2.6)
      raindrops (~> 0.7)
    wavefile (1.0.0)
    webrick (1.7.0)
    webrobots (0.1.2)

PLATFORMS
  ruby

DEPENDENCIES
  activesupport
  bson (>= 1.7.0)
  bson_ext (>= 1.7.0)
  eventmachine!
  iconv
  mecab
  mechanize
  mongo (>= 1.7.0)
  mongoid (>= 2.3.0)
  natto
  padrino
  padrino-core
  rack (= 1.4.1)
  ruby-audioinfo
  ruby-mp3info
  sinatra
  sinatra-reloader
  sinatra-xsendfile
  taglib-ruby
  unicorn

BUNDLED WITH
   1.16.2
